GEM
  remote: http://rubygems.org/
  specs:
    activemodel (3.2.3)
      activesupport (= 3.2.3)
      builder (~> 3.0.0)
    activesupport (3.2.3)
      i18n (~> 0.6)
      multi_json (~> 1.0)
    backports (2.5.0)
    bson (1.6.1)
    bson_ext (1.6.1)
      bson (~> 1.6.1)
    builder (3.0.0)
    diff-lcs (1.1.3)
    eventmachine (0.12.10)
    foreman (0.41.0)
      thor (>= 0.13.6)
    i18n (0.6.0)
    kgio (2.7.4)
    mongo (1.6.1)
      bson (~> 1.6.1)
    mongoid (2.4.7)
      activemodel (~> 3.1)
      mongo (~> 1.3)
      tzinfo (~> 0.3.22)
    mongoid_spacial (0.2.16)
      activesupport (~> 3.0)
      mongoid (>= 2.3.0)
    multi_json (1.2.0)
    rack (1.4.1)
    rack-protection (1.2.0)
      rack
    rack-test (0.6.1)
      rack (>= 1.0)
    raindrops (0.8.0)
    rake (0.9.2.2)
    rspec (2.9.0)
      rspec-core (~> 2.9.0)
      rspec-expectations (~> 2.9.0)
      rspec-mocks (~> 2.9.0)
    rspec-core (2.9.0)
    rspec-expectations (2.9.0)
      diff-lcs (~> 1.1.3)
    rspec-mocks (2.9.0)
    simplecov (0.6.1)
      multi_json (~> 1.0)
      simplecov-html (~> 0.5.3)
    simplecov-html (0.5.3)
    sinatra (1.3.2)
      rack (~> 1.3, >= 1.3.6)
      rack-protection (~> 1.2)
      tilt (~> 1.3, >= 1.3.3)
    sinatra-contrib (1.3.1)
      backports (>= 2.0)
      eventmachine
      rack-protection
      rack-test
      sinatra (~> 1.3.0)
      tilt (~> 1.3)
    thor (0.14.6)
    tilt (1.3.3)
    tzinfo (0.3.32)
    unicorn (4.2.1)
      kgio (~> 2.6)
      rack
      raindrops (~> 0.7)

PLATFORMS
  ruby

DEPENDENCIES
  bson_ext
  foreman
  mongoid
  mongoid_spacial
  rake
  rspec
  simplecov
  sinatra
  sinatra-contrib
  unicorn
